GEM
  remote: https://rubygems.org/
  specs:
    byebug (11.0.1)
    coderay (1.1.2)
    concurrent-ruby (1.1.5)
    hanami-mailer (1.3.1)
      hanami-utils (~> 1.3)
      mail (~> 2.6)
      tilt (~> 2.0, >= 2.0.1)
    hanami-utils (1.3.2)
      concurrent-ruby (~> 1.0)
      transproc (~> 1.0)
    hanami-view (1.3.1)
      hanami-utils (~> 1.3)
      tilt (~> 2.0, >= 2.0.1)
    mail (2.7.1)
      mini_mime (>= 0.1.1)
    method_source (0.9.2)
    mini_mime (1.0.2)
    pry (0.12.2)
      coderay (~> 1.1.0)
      method_source (~> 0.9.0)
    pry-byebug (3.7.0)
      byebug (~> 11.0)
      pry (~> 0.10)
    slim (4.0.1)
      temple (>= 0.7.6, < 0.9)
      tilt (>= 2.0.6, < 2.1)
    temple (0.8.1)
    tilt (2.0.9)
    transproc (1.1.0)
    zeitwerk (2.1.9)

PLATFORMS
  ruby

DEPENDENCIES
  hanami-mailer (~> 1.3, >= 1.3.1)
  hanami-view (~> 1.3, >= 1.3.1)
  pry (~> 0.12.2)
  pry-byebug (~> 3.7)
  slim (~> 4.0, >= 4.0.1)
  zeitwerk (~> 2.1, >= 2.1.9)

BUNDLED WITH
   1.17.2
